PATH
  remote: .
  specs:
    dota2api (0.0.1)

GEM
  remote: https://rubygems.org/
  specs:

PLATFORMS
  ruby

DEPENDENCIES
  dota2api!

BUNDLED WITH
   1.10.6
